GEM
  remote: http://rubygems.org/
  specs:
    activesupport (3.2.13)
      i18n (= 0.6.1)
      multi_json (~> 1.0)
    assert_difference (0.5.0)
    colorize (0.5.8)
    columnize (0.3.6)
    daemons (1.1.9)
    dbldots_oedipus (0.0.16)
    debugger (1.5.0)
      columnize (>= 0.3.1)
      debugger-linecache (~> 1.2.0)
      debugger-ruby_core_source (~> 1.2.0)
    debugger-linecache (1.2.0)
    debugger-ruby_core_source (1.2.0)
    diff-lcs (1.2.2)
    factory_girl (4.2.0)
      activesupport (>= 3.0.0)
    git (1.2.5)
    hashery (2.1.0)
    i18n (0.6.1)
    jeweler (1.8.4)
      bundler (~> 1.0)
      git (>= 1.2.5)
      rake
      rdoc
    json (1.7.7)
    listen (0.7.3)
    mime-types (1.22)
    multi_json (1.7.2)
    open4 (1.3.0)
    ptools (1.2.2)
    rake (10.0.4)
    rdoc (4.0.1)
      json (~> 1.4)
    rspec (2.13.0)
      rspec-core (~> 2.13.0)
      rspec-expectations (~> 2.13.0)
      rspec-mocks (~> 2.13.0)
    rspec-core (2.13.1)
    rspec-expectations (2.13.0)
      diff-lcs (>= 1.1.3, < 2.0)
    rspec-mocks (2.13.1)
    simplecov (0.7.1)
      multi_json (~> 1.0)
      simplecov-html (~> 0.7.1)
    simplecov-html (0.7.1)
    yard (0.8.5.2)

PLATFORMS
  ruby

DEPENDENCIES
  assert_difference
  bundler
  colorize
  daemons
  dbldots_oedipus
  debugger
  factory_girl
  hashery
  jeweler
  listen
  mime-types
  open4
  ptools
  rdoc
  rspec
  simplecov
  yard
